GIT
  remote: https://github.com/chetan/simplecov.git
  revision: 308449b2193700f7a9a4291821a323110838fbc0
  branch: inline_nocov
  specs:
    simplecov (0.7.1)
      multi_json (~> 1.0)
      simplecov-html (~> 0.7.1)

GIT
  remote: https://github.com/chetan/test_guard.git
  revision: 504cb1514f4fae197051603b4d32652ca103a013
  specs:
    test_guard (0.2.0)
      awesome_print
      debugger
      debugger-pry
      growl
      guard
      simplecov
      simplecov-console
      single_test
      turn

GIT
  remote: https://github.com/chetan/turn.git
  revision: 074469821eea9132fad6656329d1a8f821c464c7
  branch: forking
  specs:
    turn (0.9.6)
      ansi

GEM
  remote: http://rubygems.org/
  specs:
    addressable (2.3.3)
    ansi (1.4.3)
    api-auth (1.0.2)
    awesome_print (1.1.0)
    bixby-client (0.1.1)
      api-auth
      bixby-common
      curb
      httpi
      mixlib-shellout
      multi_json
      oj
    bixby-common (0.3.8)
      httpi
      logging
      multi_json
    coderay (1.0.9)
    colorize (0.5.8)
    columnize (0.3.6)
    crack (0.3.2)
    curb (0.8.3)
    daemons (1.1.9)
    debugger (1.5.0)
      columnize (>= 0.3.1)
      debugger-linecache (~> 1.2.0)
      debugger-ruby_core_source (~> 1.2.0)
    debugger-linecache (1.2.0)
    debugger-pry (0.1.1)
      debugger (~> 1)
      pry (>= 0.9.9)
    debugger-ruby_core_source (1.2.0)
    facter (1.6.18)
    ffi (1.6.0)
    formatador (0.2.4)
    growl (1.0.3)
    guard (1.7.0)
      formatador (>= 0.2.4)
      listen (>= 0.6.0)
      lumberjack (>= 1.0.2)
      pry (>= 0.9.10)
      thor (>= 0.14.6)
    hirb (0.7.1)
    httpi (2.0.2)
      rack
    listen (0.7.3)
    little-plugger (1.1.3)
    logging (1.8.1)
      little-plugger (>= 1.1.3)
      multi_json (>= 1.3.6)
    lumberjack (1.0.3)
    metaclass (0.0.1)
    method_source (0.8.1)
    minitest (4.7.0)
    mixlib-cli (1.3.0)
    mixlib-shellout (1.1.0)
    mocha (0.13.3)
      metaclass (~> 0.0.1)
    multi_json (1.7.2)
    oj (2.0.10)
    parallel (0.6.4)
    pry (0.9.12)
      coderay (~> 1.0.5)
      method_source (~> 0.8)
      slop (~> 3.4)
    rack (1.5.2)
    rake (10.0.4)
    rb-fchange (0.0.6)
      ffi
    rb-fsevent (0.9.3)
    rb-inotify (0.9.0)
      ffi (>= 0.5.0)
    simplecov-console (0.1.1)
      colorize
      hirb
      simplecov
    simplecov-html (0.7.1)
    single_test (0.5.2)
      rake (> 0.9)
    slop (3.4.4)
    thor (0.18.1)
    webmock (1.11.0)
      addressable (>= 2.2.7)
      crack (>= 0.3.2)

PLATFORMS
  ruby

DEPENDENCIES
  bixby-client
  bixby-common
  bundler
  daemons
  debugger
  debugger-pry
  facter
  minitest
  mixlib-cli
  mocha
  parallel
  pry
  rb-fchange
  rb-fsevent
  rb-inotify
  simplecov!
  test_guard!
  turn!
  webmock
