GIT
  remote: git://github.com/chetan/easycov.git
  revision: 0fd0c852ae174c8de7c4d5c904c59b6cd1869d66
  specs:
    easycov (0.4.0)
      multi_json
      simplecov
      simplecov-console
      simplecov-html

GIT
  remote: git://github.com/chetan/micron.git
  revision: d9930943045079f5c74a067892e6dfd34e989dd0
  specs:
    micron (0.5.0)
      colorize
      easycov
      hitimes

GIT
  remote: https://github.com/chetan/test_guard.git
  revision: a2a450c57a77f38d196f23206da03f491ddbca62
  specs:
    test_guard (0.2.1)
      awesome_print
      easycov
      growl
      listen
      simplecov
      simplecov-console

GEM
  remote: http://rubygems.org/
  specs:
    addressable (2.3.5)
    api-auth (1.0.3)
    awesome_print (1.2.0)
    bixby-client (0.3.0)
      api-auth
      bixby-common
      curb
      fuzzy_file_finder
      httpi
      mixlib-shellout
      multi_json
      oj
    bixby-common (0.4.8)
      api-auth
      faye-websocket
      httpi
      logging
      multi_json
      semver2
    celluloid (0.15.2)
      timers (~> 1.1.0)
    coderay (1.0.9)
    colorize (0.6.0)
    columnize (0.3.6)
    coveralls (0.7.0)
      multi_json (~> 1.3)
      rest-client
      simplecov (>= 0.7)
      term-ansicolor
      thor
    crack (0.4.1)
      safe_yaml (~> 0.9.0)
    curb (0.8.5)
    daemons (1.1.9)
    debugger (1.6.2)
      columnize (>= 0.3.1)
      debugger-linecache (~> 1.2.0)
      debugger-ruby_core_source (~> 1.2.3)
    debugger-linecache (1.2.0)
    debugger-pry (0.1.1)
      debugger (~> 1)
      pry (>= 0.9.9)
    debugger-ruby_core_source (1.2.3)
    eventmachine (1.0.3)
    facter (1.7.3)
    faye-websocket (0.7.0)
      eventmachine (>= 0.12.0)
      websocket-driver (>= 0.3.0)
    ffi (1.9.3)
    fuzzy_file_finder (1.0.4)
    growl (1.0.3)
    hirb (0.7.1)
    hitimes (1.2.1)
    httpi (2.1.0)
      rack
      rubyntlm (~> 0.3.2)
    json (1.8.1)
    listen (2.2.0)
      celluloid (>= 0.15.2)
      rb-fsevent (>= 0.9.3)
      rb-inotify (>= 0.9)
    little-plugger (1.1.3)
    logging (1.8.1)
      little-plugger (>= 1.1.3)
      multi_json (>= 1.3.6)
    metaclass (0.0.1)
    method_source (0.8.2)
    mime-types (2.0)
    mixlib-cli (1.3.0)
    mixlib-shellout (1.2.0)
    mocha (0.14.0)
      metaclass (~> 0.0.1)
    multi_json (1.8.2)
    oj (2.1.7)
    pry (0.9.12.2)
      coderay (~> 1.0.5)
      method_source (~> 0.8)
      slop (~> 3.4)
    rack (1.5.2)
    rake (10.1.0)
    rb-fchange (0.0.6)
      ffi
    rb-fsevent (0.9.3)
    rb-inotify (0.9.2)
      ffi (>= 0.5.0)
    rest-client (1.6.7)
      mime-types (>= 1.16)
    rubyntlm (0.3.4)
    safe_yaml (0.9.7)
    semver2 (3.3.2)
    simplecov (0.7.1)
      multi_json (~> 1.0)
      simplecov-html (~> 0.7.1)
    simplecov-console (0.1.3)
      colorize
      hirb
      simplecov
    simplecov-html (0.7.1)
    slop (3.4.6)
    term-ansicolor (1.2.2)
      tins (~> 0.8)
    terminal-table (1.4.5)
    thor (0.18.1)
    timers (1.1.0)
    tins (0.12.0)
    webmock (1.15.2)
      addressable (>= 2.2.7)
      crack (>= 0.3.2)
    websocket-driver (0.3.0)

PLATFORMS
  ruby

DEPENDENCIES
  bixby-client
  bixby-common
  bundler
  coveralls
  daemons
  debugger
  debugger-pry
  easycov!
  facter
  json (~> 1.8)
  micron!
  mixlib-cli
  mocha
  pry
  rake
  rb-fchange
  rb-fsevent
  rb-inotify
  terminal-table
  test_guard!
  webmock
