GIT
  remote: git://github.com/chetan/easycov.git
  revision: 64c7aad17a89351978c6bba73b4c3905933794f7
  specs:
    easycov (0.1.0)
      multi_json
      simplecov

GIT
  remote: git://github.com/chetan/micron.git
  revision: e1a12a19e9d1f3f0e27bcec4cad4007e2a1c3d1a
  specs:
    micron (0.1.0)
      colorize
      easycov
      hitimes

GIT
  remote: git://github.com/chetan/simplecov-html.git
  revision: 05d4a64b6dbb52018eb5b8bcccb9401e6c169221
  branch: colorbox
  specs:
    simplecov-html (0.7.1)

GIT
  remote: https://github.com/chetan/test_guard.git
  revision: 72fade8f2fda1747ece442aee40be53d5cb293c9
  specs:
    test_guard (0.2.1)
      awesome_print
      growl
      listen
      simplecov
      simplecov-console
      single_test
      turn

GEM
  remote: http://rubygems.org/
  specs:
    addressable (2.3.5)
    ansi (1.4.3)
    api-auth (1.0.3)
    awesome_print (1.2.0)
    bixby-client (0.2.2)
      api-auth
      bixby-common
      curb
      httpi
      mixlib-shellout
      multi_json
      oj
    bixby-common (0.4.5)
      api-auth
      faye-websocket
      httpi
      logging
      multi_json
    coderay (1.0.9)
    colorize (0.6.0)
    columnize (0.3.6)
    crack (0.4.1)
      safe_yaml (~> 0.9.0)
    curb (0.8.4)
    daemons (1.1.9)
    debugger (1.6.1)
      columnize (>= 0.3.1)
      debugger-linecache (~> 1.2.0)
      debugger-ruby_core_source (~> 1.2.3)
    debugger-linecache (1.2.0)
    debugger-pry (0.1.1)
      debugger (~> 1)
      pry (>= 0.9.9)
    debugger-ruby_core_source (1.2.3)
    docile (1.1.0)
    eventmachine (1.0.3)
    facter (1.7.3)
    faye-websocket (0.7.0)
      eventmachine (>= 0.12.0)
      websocket-driver (>= 0.3.0)
    ffi (1.9.0)
    growl (1.0.3)
    hirb (0.7.1)
    hitimes (1.2.1)
    httpi (2.1.0)
      rack
      rubyntlm (~> 0.3.2)
    json (1.8.0)
    listen (1.3.1)
      rb-fsevent (>= 0.9.3)
      rb-inotify (>= 0.9)
      rb-kqueue (>= 0.2)
    little-plugger (1.1.3)
    lockfile (2.1.0)
    logging (1.8.1)
      little-plugger (>= 1.1.3)
      multi_json (>= 1.3.6)
    metaclass (0.0.1)
    method_source (0.8.2)
    minitest (4.7.5)
    mixlib-cli (1.3.0)
    mixlib-shellout (1.2.0)
    mocha (0.14.0)
      metaclass (~> 0.0.1)
    multi_json (1.8.0)
    oj (2.1.4)
    pry (0.9.12.2)
      coderay (~> 1.0.5)
      method_source (~> 0.8)
      slop (~> 3.4)
    rack (1.5.2)
    rake (10.1.0)
    rb-fchange (0.0.6)
      ffi
    rb-fsevent (0.9.3)
    rb-inotify (0.9.2)
      ffi (>= 0.5.0)
    rb-kqueue (0.2.0)
      ffi (>= 0.5.0)
    rubyntlm (0.3.4)
    safe_yaml (0.9.6)
    simplecov (0.8.0.pre2)
      docile (~> 1.1.0)
      lockfile (>= 2.1.0)
      multi_json
      simplecov-html (~> 0.7.1)
    simplecov-console (0.1.1)
      colorize
      hirb
      simplecov
    single_test (0.6.0)
      rake
    slop (3.4.6)
    terminal-table (1.4.5)
    turn (0.9.6)
      ansi
    webmock (1.13.0)
      addressable (>= 2.2.7)
      crack (>= 0.3.2)
    websocket-driver (0.3.0)

PLATFORMS
  ruby

DEPENDENCIES
  bixby-client
  bixby-common
  bundler
  daemons
  debugger
  debugger-pry
  easycov!
  facter
  json (~> 1.8)
  micron!
  minitest (~> 4.7)
  mixlib-cli
  mocha
  pry
  rb-fchange
  rb-fsevent
  rb-inotify
  simplecov (= 0.8.0.pre2)
  simplecov-html!
  terminal-table
  test_guard!
  webmock
