GIT
  remote: git://github.com/chetan/api_auth.git
  revision: 2ced7ba3afcc4d81e8a24e3d89f569b38b1e10a0
  branch: bixby
  specs:
    api-auth (1.0.3)

GIT
  remote: git://github.com/chetan/easycov.git
  revision: 0fd0c852ae174c8de7c4d5c904c59b6cd1869d66
  specs:
    easycov (0.4.0)
      multi_json
      simplecov
      simplecov-console
      simplecov-html

GIT
  remote: git://github.com/chetan/micron.git
  revision: f20449ff4a7785b20d3f489091f4eb51ef74ce29
  specs:
    micron (0.5.0)
      ansi
      easycov
      hitimes

GIT
  remote: https://github.com/chetan/test_guard.git
  revision: 178e47e2e57dc83060d6cabc18f206916b9d02f2
  specs:
    test_guard (0.2.1)
      awesome_print
      easycov
      growl
      listen
      simplecov
      simplecov-console

GEM
  remote: http://rubygems.org/
  specs:
    addressable (2.3.5)
    ansi (1.4.3)
    awesome_print (1.2.0)
    bixby-client (0.4.1)
      api-auth
      bixby-common
      curb
      fuzzy_file_finder
      httpi
      mixlib-shellout
      multi_json
      oj
    bixby-common (0.4.12)
      api-auth
      faye-websocket
      httpi
      logging
      multi_json
      semver2
    celluloid (0.15.2)
      timers (~> 1.1.0)
    celluloid-io (0.15.0)
      celluloid (>= 0.15.0)
      nio4r (>= 0.5.0)
    coderay (1.1.0)
    colorize (0.6.0)
    columnize (0.3.6)
    coveralls (0.7.0)
      multi_json (~> 1.3)
      rest-client
      simplecov (>= 0.7)
      term-ansicolor
      thor
    crack (0.4.2)
      safe_yaml (~> 1.0.0)
    curb (0.8.5)
    daemons (1.1.9)
    debugger (1.6.5)
      columnize (>= 0.3.1)
      debugger-linecache (~> 1.2.0)
      debugger-ruby_core_source (~> 1.3.1)
    debugger-linecache (1.2.0)
    debugger-pry (0.1.1)
      debugger (~> 1)
      pry (>= 0.9.9)
    debugger-ruby_core_source (1.3.1)
    docile (1.1.3)
    eventmachine (1.0.3)
    facter (1.7.5)
    faye-websocket (0.7.2)
      eventmachine (>= 0.12.0)
      websocket-driver (>= 0.3.1)
    ffi (1.9.3)
    fuzzy_file_finder (1.0.4)
    growl (1.0.3)
    hirb (0.7.1)
    hitimes (1.2.1)
    httpi (2.1.0)
      rack
      rubyntlm (~> 0.3.2)
    json (1.8.1)
    listen (2.5.0)
      celluloid (>= 0.15.2)
      celluloid-io (>= 0.15.0)
      rb-fsevent (>= 0.9.3)
      rb-inotify (>= 0.9)
    little-plugger (1.1.3)
    logging (1.8.2)
      little-plugger (>= 1.1.3)
      multi_json (>= 1.8.4)
    metaclass (0.0.4)
    method_source (0.8.2)
    mime-types (2.1)
    mixlib-cli (1.4.0)
    mixlib-shellout (1.4.0)
    mocha (1.0.0)
      metaclass (~> 0.0.1)
    multi_json (1.9.2)
    nio4r (1.0.0)
    oj (2.7.2)
    pry (0.9.12.6)
      coderay (~> 1.0)
      method_source (~> 0.8)
      slop (~> 3.4)
    rack (1.5.2)
    rake (10.1.1)
    rb-fchange (0.0.6)
      ffi
    rb-fsevent (0.9.4)
    rb-inotify (0.9.3)
      ffi (>= 0.5.0)
    rest-client (1.6.7)
      mime-types (>= 1.16)
    rubyntlm (0.3.4)
    safe_yaml (1.0.1)
    semver2 (3.3.3)
    simplecov (0.8.2)
      docile (~> 1.1.0)
      multi_json
      simplecov-html (~> 0.8.0)
    simplecov-console (0.1.3)
      colorize
      hirb
      simplecov
    simplecov-html (0.8.0)
    slop (3.4.7)
    term-ansicolor (1.3.0)
      tins (~> 1.0)
    terminal-table (1.4.5)
    thor (0.18.1)
    timers (1.1.0)
    tins (1.0.0)
    webmock (1.17.3)
      addressable (>= 2.2.7)
      crack (>= 0.3.2)
    websocket-driver (0.3.2)

PLATFORMS
  ruby

DEPENDENCIES
  api-auth!
  bixby-client
  bixby-common
  bundler
  coveralls
  daemons
  debugger
  debugger-pry
  easycov!
  facter
  json (~> 1.8)
  micron!
  mixlib-cli
  mocha
  pry
  rake
  rb-fchange
  rb-fsevent
  rb-inotify
  terminal-table
  test_guard!
  webmock
